PATH
  remote: .
  specs:
    contact-list (0.1.0)
      activesupport (>= 2.1.0)
      contact-list
      multi_json (~> 1.0.4)
      nokogiri (~> 1.5.0)
      oauth (~> 0.4.5)
      oauth2 (~> 0.5.2)

GEM
  remote: http://rubygems.org/
  specs:
    activesupport (3.0.1)
    addressable (2.2.6)
    diff-lcs (1.1.2)
    faraday (0.7.6)
      addressable (~> 2.2)
      multipart-post (~> 1.1)
      rack (~> 1.1)
    multi_json (1.0.4)
    multipart-post (1.1.5)
    nokogiri (1.5.0)
    oauth (0.4.5)
    oauth2 (0.5.2)
      faraday (~> 0.7)
      multi_json (~> 1.0)
    rack (1.4.1)
    rspec (2.4.0)
      rspec-core (~> 2.4.0)
      rspec-expectations (~> 2.4.0)
      rspec-mocks (~> 2.4.0)
    rspec-core (2.4.0)
    rspec-expectations (2.4.0)
      diff-lcs (~> 1.1.2)
    rspec-mocks (2.4.0)

PLATFORMS
  ruby

DEPENDENCIES
  contact-list!
  rspec (~> 2.0)
